GEM
  remote: https://rubygems.org/
  specs:
    activesupport (5.2.1)
      concurrent-ruby (~> 1.0, >= 1.0.2)
      i18n (>= 0.7, < 2)
      minitest (~> 5.1)
      tzinfo (~> 1.1)
    airbrussh (1.3.0)
      sshkit (>= 1.6.1, != 1.7.0)
    backports (3.11.4)
    bson (3.2.7)
    capistrano (3.9.0)
      airbrussh (>= 1.0.0)
      i18n
      rake (>= 10.0.0)
      sshkit (>= 1.9.0)
    capistrano-bundler (1.2.0)
      capistrano (~> 3.1)
      sshkit (~> 1.2)
    capistrano-rvm (0.1.2)
      capistrano (~> 3.0)
      sshkit (~> 1.2)
    capistrano3-puma (3.1.1)
      capistrano (~> 3.7)
      capistrano-bundler
      puma (~> 3.4)
    coderay (1.1.1)
    concurrent-ruby (1.1.3)
    diff-lcs (1.3)
    docile (1.1.5)
    i18n (0.8.6)
    json (2.1.0)
    method_source (0.8.2)
    mini_portile2 (2.2.0)
    minitest (5.11.3)
    mongo (2.1.2)
      bson (~> 3.0)
    multi_json (1.13.1)
    mustermann (1.0.3)
    net-scp (1.2.1)
      net-ssh (>= 2.6.5)
    net-ssh (4.1.0)
    nokogiri (1.8.0)
      mini_portile2 (~> 2.2.0)
    pry (0.10.4)
      coderay (~> 1.1.0)
      method_source (~> 0.8.1)
      slop (~> 3.4)
    puma (3.10.0)
    rack (2.0.6)
    rack-protection (2.0.4)
      rack
    rack-test (0.8.3)
      rack (>= 1.0, < 3)
    rake (12.0.0)
    rspec (3.6.0)
      rspec-core (~> 3.6.0)
      rspec-expectations (~> 3.6.0)
      rspec-mocks (~> 3.6.0)
    rspec-core (3.6.0)
      rspec-support (~> 3.6.0)
    rspec-expectations (3.6.0)
      diff-lcs (>= 1.2.0, < 2.0)
      rspec-support (~> 3.6.0)
    rspec-mocks (3.6.0)
      diff-lcs (>= 1.2.0, < 2.0)
      rspec-support (~> 3.6.0)
    rspec-support (3.6.0)
    simplecov (0.15.0)
      docile (~> 1.1.0)
      json (>= 1.8, < 3)
      simplecov-html (~> 0.10.0)
    simplecov-html (0.10.2)
    sinatra (2.0.4)
      mustermann (~> 1.0)
      rack (~> 2.0)
      rack-protection (= 2.0.4)
      tilt (~> 2.0)
    sinatra-contrib (2.0.4)
      activesupport (>= 4.0.0)
      backports (>= 2.8.2)
      multi_json
      mustermann (~> 1.0)
      rack-protection (= 2.0.4)
      sinatra (= 2.0.4)
      tilt (>= 1.3, < 3)
    slop (3.6.0)
    sshkit (1.14.0)
      net-scp (>= 1.1.2)
      net-ssh (>= 2.8.0)
    thread_safe (0.3.6)
    tilt (2.0.8)
    tzinfo (1.2.5)
      thread_safe (~> 0.1)

PLATFORMS
  ruby

DEPENDENCIES
  capistrano (~> 3.9.0)
  capistrano-bundler (~> 1.2.0)
  capistrano-rvm (~> 0.1.2)
  capistrano3-puma (~> 3.1.1)
  mongo (~> 2.1.2)
  nokogiri (~> 1.8)
  pry (~> 0.10.4)
  puma (~> 3.10.0)
  rack-test (~> 0.7, >= 0.7.0)
  rspec (~> 3.6.0)
  simplecov (~> 0.15.0)
  sinatra (~> 2.0, >= 2.0.0)
  sinatra-contrib (~> 2.0, >= 2.0.0)

BUNDLED WITH
   1.16.6
